GEM
  remote: https://rubygems.org/
  specs:
    activesupport (6.1.2.1)
      concurrent-ruby (~> 1.0, >= 1.0.2)
      i18n (>= 1.6, < 2)
      minitest (>= 5.1)
      tzinfo (~> 2.0)
      zeitwerk (~> 2.3)
    claide (0.9.1)
    clamp (0.6.3)
    colored (1.2)
    concurrent-ruby (1.1.8)
    i18n (1.8.9)
      concurrent-ruby (~> 1.0)
    minitest (5.14.3)
    slather (1.1.0)
      clamp (~> 0.6)
      xcodeproj (~> 0.17)
    tzinfo (2.0.4)
      concurrent-ruby (~> 1.0)
    xcodeproj (0.28.2)
      activesupport (>= 3)
      claide (~> 0.9.1)
      colored (~> 1.2)
    zeitwerk (2.4.2)

PLATFORMS
  ruby

DEPENDENCIES
  slather
